GEM
  remote: https://rubygems.org/
  specs:
    json (1.8.1)
    newrelic_rpm (3.9.0.229)
    postmark (1.3.1)
      json
      rake
    rack (1.5.2)
    rack-protection (1.5.3)
      rack
    rake (10.3.2)
    shotgun (0.9)
      rack (>= 1.0)
    sinatra (1.4.5)
      rack (~> 1.4)
      rack-protection (~> 1.4)
      tilt (~> 1.3, >= 1.3.4)
    tilt (1.4.1)

PLATFORMS
  ruby

DEPENDENCIES
  newrelic_rpm
  postmark
  shotgun
  sinatra
