GIT
  remote: git://github.com/mattt/sinatra-param.git
  revision: 884d7601a9664e4dcba10ea44c817a5496487137
  specs:
    sinatra-param (1.2.2)
      sinatra (~> 1.3)

GEM
  remote: http://rubygems.org/
  specs:
    activesupport (4.1.4)
      i18n (~> 0.6, >= 0.6.9)
      json (~> 1.7, >= 1.7.7)
      minitest (~> 5.1)
      thread_safe (~> 0.1)
      tzinfo (~> 1.1)
    i18n (0.6.11)
    json (1.8.1)
    kgio (2.8.0)
    minitest (5.4.0)
    newrelic_rpm (3.9.0.229)
    postmark (1.3.1)
      json
      rake
    rack (1.5.2)
    rack-attack (4.1.0)
      rack
    rack-protection (1.5.3)
      rack
    raindrops (0.11.0)
    rake (10.3.2)
    shotgun (0.9)
      rack (>= 1.0)
    sinatra (1.4.5)
      rack (~> 1.4)
      rack-protection (~> 1.4)
      tilt (~> 1.3, >= 1.3.4)
    thread_safe (0.3.4)
    tilt (1.4.1)
    tzinfo (1.2.1)
      thread_safe (~> 0.1)
    unicorn (4.6.2)
      kgio (~> 2.6)
      rack
      raindrops (~> 0.7)

PLATFORMS
  ruby

DEPENDENCIES
  activesupport
  newrelic_rpm
  postmark
  rack-attack
  shotgun
  sinatra
  sinatra-param!
  unicorn
