GIT
  remote: git://github.com/mattt/sinatra-param.git
  revision: 884d7601a9664e4dcba10ea44c817a5496487137
  specs:
    sinatra-param (1.2.2)
      sinatra (~> 1.3)

GEM
  remote: https://rubygems.org/
  specs:
    coderay (1.1.0)
    diff-lcs (1.1.3)
    ffi (1.9.0)
    formatador (0.2.4)
    guard (1.8.0)
      formatador (>= 0.2.4)
      listen (>= 1.0.0)
      lumberjack (>= 1.0.2)
      pry (>= 0.9.10)
      thor (>= 0.14.6)
    guard-rspec (1.2.1)
      guard (>= 1.1)
    json (1.8.1)
    listen (1.1.6)
      rb-fsevent (>= 0.9.3)
      rb-inotify (>= 0.9)
      rb-kqueue (>= 0.2)
    lotus-model (0.1.2)
      lotus-utils (~> 0.2)
      sequel (~> 4.9)
    lotus-utils (0.2.0)
    lumberjack (1.0.3)
    method_source (0.8.2)
    newrelic_rpm (3.9.0.229)
    postmark (1.3.1)
      json
      rake
    pry (0.9.12.4)
      coderay (~> 1.0)
      method_source (~> 0.8)
      slop (~> 3.4)
    rack (1.5.2)
    rack-protection (1.5.3)
      rack
    rake (10.3.2)
    rb-fsevent (0.9.3)
    rb-inotify (0.9.0)
      ffi (>= 0.5.0)
    rb-kqueue (0.2.0)
      ffi (>= 0.5.0)
    rspec (2.12.0)
      rspec-core (~> 2.12.0)
      rspec-expectations (~> 2.12.0)
      rspec-mocks (~> 2.12.0)
    rspec-core (2.12.2)
    rspec-expectations (2.12.1)
      diff-lcs (~> 1.1.3)
    rspec-mocks (2.12.2)
    sequel (4.12.0)
    shotgun (0.9)
      rack (>= 1.0)
    sinatra (1.4.5)
      rack (~> 1.4)
      rack-protection (~> 1.4)
      tilt (~> 1.3, >= 1.3.4)
    slop (3.4.7)
    thor (0.19.1)
    tilt (1.4.1)

PLATFORMS
  ruby

DEPENDENCIES
  guard
  guard-rspec
  lotus-model
  newrelic_rpm
  postmark
  rspec (~> 2.12.0)
  shotgun
  sinatra
  sinatra-param!
